GEM
  remote: https://rubygems.org/
  specs:
    benchmark (0.3.0)
    csv (3.3.0)

PLATFORMS
  arm64-darwin-23
  ruby

DEPENDENCIES
  benchmark
  csv

BUNDLED WITH
   2.5.14
